GEM
  remote: http://www.rubygems.org/
  specs:
    ruby-graphviz (1.0.0)
    state_machine (1.2.0)
    webrick (1.7.0)
    yard (0.9.28)
      webrick (~> 1.7.0)

PLATFORMS
  ruby

DEPENDENCIES
  ruby-graphviz
  state_machine
  yard (>= 0.9.20)

BUNDLED WITH
   2.1.4
